PATH
  remote: .
  specs:
    wxapi (1.0.0)

GEM
  remote: https://rubygems.org/
  specs:
    connection_pool (2.4.1)
    domain_name (0.6.20240107)
    http-accept (1.7.0)
    http-cookie (1.0.5)
      domain_name (~> 0.5)
    json (2.7.1)
    mime-types (3.5.2)
      mime-types-data (~> 3.2015)
    mime-types-data (3.2023.1205)
    netrc (0.11.0)
    rake (10.5.0)
    redis (5.0.8)
      redis-client (>= 0.17.0)
    redis-client (0.19.1)
      connection_pool
    rest-client (2.1.0)
      http-accept (>= 1.7.0, < 2.0)
      http-cookie (>= 1.0.2, < 2.0)
      mime-types (>= 1.16, < 4.0)
      netrc (~> 0.8)
    unf_ext (0.0.7.7)

PLATFORMS
  ruby
  x86_64-darwin-22

DEPENDENCIES
  bundler
  json
  rake (~> 10.0)
  redis
  rest-client (~> 2.1)
  unf_ext (~> 0.0.7.5)
  wxapi!

BUNDLED WITH
   2.5.4
